GEM
  remote: https://rubygems.org/
  specs:
    artii (2.1.2)
    asciiart (0.0.9)
      rainbow (= 2.0.0)
      rmagick (= 2.13.4)
    pastel (0.8.0)
      tty-color (~> 0.5)
    rainbow (2.0.0)
    rmagick (2.13.4)
    smarter_csv (1.2.6)
    tty-color (0.5.2)
    tty-cursor (0.7.1)
    tty-font (0.5.0)
    tty-link (0.1.1)
    tty-prompt (0.22.0)
      pastel (~> 0.8)
      tty-reader (~> 0.8)
    tty-reader (0.8.0)
      tty-cursor (~> 0.7)
      tty-screen (~> 0.8)
      wisper (~> 2.0)
    tty-screen (0.8.1)
    wisper (2.0.1)

PLATFORMS
  ruby

DEPENDENCIES
  artii (~> 2.1)
  asciiart (~> 0.0.9)
  smarter_csv (~> 1.2)
  tty-font (~> 0.5.0)
  tty-link (~> 0.1.1)
  tty-prompt (~> 0.22.0)

BUNDLED WITH
   2.1.4
